PATH
  remote: .
  specs:
    minitest-fork_executor (1.0.2)
      minitest

GEM
  remote: https://rubygems.org/
  specs:
    minitest (5.14.4)
    rake (12.2.1)

PLATFORMS
  ruby

DEPENDENCIES
  minitest-fork_executor!
  rake (= 12.2.1)

BUNDLED WITH
   1.17.2
