PATH
  remote: .
  specs:
    minitest-fork_executor (1.0.3)
      minitest

GEM
  remote: https://rubygems.org/
  specs:
    minitest (5.14.4)
    rake (12.2.1)

PLATFORMS
  arm64-darwin-21

DEPENDENCIES
  minitest-fork_executor!
  rake (= 12.2.1)

BUNDLED WITH
   2.2.22
